GEM
  remote: https://rubygems.org/
  specs:
    activesupport (4.0.0)
      i18n (~> 0.6, >= 0.6.4)
      minitest (~> 4.2)
      multi_json (~> 1.3)
      thread_safe (~> 0.1)
      tzinfo (~> 0.3.37)
    addressable (2.3.5)
    akami (1.2.0)
      gyoku (>= 0.4.0)
      nokogiri (>= 1.4.0)
    atomic (1.1.10)
    berkshelf (2.0.5)
      activesupport (>= 3.2.0)
      addressable (~> 2.3.4)
      buff-shell_out (~> 0.1)
      celluloid (>= 0.14.0)
      chozo (>= 0.6.1)
      faraday (>= 0.8.5)
      hashie (>= 2.0.2)
      minitar (~> 0.5.4)
      rbzip2 (~> 0.2.0)
      retryable (~> 1.3.3)
      ridley (~> 1.2.1)
      solve (>= 0.5.0)
      thor (~> 0.18.0)
    buff-extensions (0.5.0)
    buff-ruby_engine (0.1.0)
    buff-shell_out (0.1.0)
      buff-ruby_engine (~> 0.1.0)
    builder (3.2.2)
    celluloid (0.14.1)
      timers (>= 1.0.0)
    celluloid-io (0.14.1)
      celluloid (>= 0.14.1)
      nio4r (>= 0.4.5)
    chef (11.4.4)
      erubis
      highline (>= 1.6.9)
      json (>= 1.4.4, <= 1.7.7)
      mixlib-authentication (>= 1.3.0)
      mixlib-cli (~> 1.3.0)
      mixlib-config (>= 1.1.2)
      mixlib-log (>= 1.3.0)
      mixlib-shellout
      net-ssh (~> 2.6)
      net-ssh-multi (~> 1.1.0)
      ohai (>= 0.6.0)
      rest-client (>= 1.0.4, < 1.7.0)
      yajl-ruby (~> 1.1)
    chozo (0.6.1)
      activesupport (>= 3.2.0)
      hashie (>= 2.0.2)
      multi_json (>= 1.3.0)
    chunky_png (1.2.8)
    classifier (1.3.3)
      fast-stemmer (>= 1.0.0)
    coderay (1.0.9)
    colorator (0.1)
    commander (4.1.3)
      highline (~> 1.6.11)
    compass (0.12.2)
      chunky_png (~> 1.2)
      fssm (>= 0.2.7)
      sass (~> 3.1)
    directory_watcher (1.4.1)
    erubis (2.7.0)
    faraday (0.8.7)
      multipart-post (~> 1.1)
    fast-stemmer (1.0.2)
    ffi (1.9.0)
    fssm (0.2.10)
    gssapi (1.0.3)
      ffi (>= 1.0.1)
    gyoku (1.0.0)
      builder (>= 2.1.2)
    hashie (2.0.5)
    highline (1.6.19)
    httpclient (2.2.0.2)
    httpi (0.9.7)
      rack
    i18n (0.6.4)
    ipaddress (0.8.0)
    jekyll (1.0.3)
      classifier (~> 1.3)
      colorator (~> 0.1)
      commander (~> 4.1.3)
      directory_watcher (~> 1.4.1)
      kramdown (~> 1.0.2)
      liquid (~> 2.3)
      maruku (~> 0.5)
      pygments.rb (~> 0.5.0)
      safe_yaml (~> 0.7.0)
    json (1.7.7)
    knife-solo (0.3.0.pre5)
      chef (>= 10.12)
      erubis (~> 2.7.0)
      net-ssh (>= 2.2.2, < 3.0)
    kramdown (1.0.2)
    liquid (2.5.0)
    little-plugger (1.1.3)
    logging (1.6.2)
      little-plugger (>= 1.1.3)
    maruku (0.6.1)
      syntax (>= 1.0.0)
    method_source (0.8.1)
    mime-types (1.23)
    minitar (0.5.4)
    minitest (4.7.5)
    mixlib-authentication (1.3.0)
      mixlib-log
    mixlib-cli (1.3.0)
    mixlib-config (1.1.2)
    mixlib-log (1.6.0)
    mixlib-shellout (1.1.0)
    multi_json (1.7.7)
    multipart-post (1.2.0)
    net-http-persistent (2.8)
    net-ssh (2.6.8)
    net-ssh-gateway (1.2.0)
      net-ssh (>= 2.6.5)
    net-ssh-multi (1.1)
      net-ssh (>= 2.1.4)
      net-ssh-gateway (>= 0.99.0)
    nio4r (0.4.6)
    nokogiri (1.5.10)
    nori (1.1.5)
    ohai (6.16.0)
      ipaddress
      mixlib-cli
      mixlib-config
      mixlib-log
      mixlib-shellout
      systemu
      yajl-ruby
    posix-spawn (0.3.6)
    pry (0.9.12.2)
      coderay (~> 1.0.5)
      method_source (~> 0.8)
      slop (~> 3.4)
    pygments.rb (0.5.1)
      posix-spawn (~> 0.3.6)
      yajl-ruby (~> 1.1.0)
    rack (1.5.2)
    rails_apps_composer (2.4.1)
      activesupport
      i18n
      rake
      thor
    rake (10.1.0)
    rbzip2 (0.2.0)
    rcodetools (0.8.5.0)
    rest-client (1.6.7)
      mime-types (>= 1.16)
    retryable (1.3.3)
    ridley (1.2.4)
      addressable
      buff-extensions (~> 0.3)
      buff-shell_out (~> 0.1)
      celluloid (~> 0.14.0)
      celluloid-io (~> 0.14.0)
      erubis
      faraday (>= 0.8.4)
      hashie (>= 2.0.2)
      json (>= 1.7.7)
      mixlib-authentication (>= 1.3.0)
      net-http-persistent (>= 2.8)
      net-ssh
      retryable
      solve (>= 0.4.4)
      varia_model (~> 0.1)
      winrm (~> 1.1.0)
    rubyntlm (0.1.1)
    safe_yaml (0.7.1)
    sass (3.2.9)
    savon (0.9.5)
      akami (~> 1.0)
      builder (>= 2.1.2)
      gyoku (>= 0.4.0)
      httpi (~> 0.9)
      nokogiri (>= 1.4.0)
      nori (~> 1.0)
      wasabi (~> 1.0)
    slop (3.4.5)
    solve (0.6.0)
    syntax (1.0.0)
    systemu (2.5.2)
    thor (0.18.1)
    thread_safe (0.1.0)
      atomic
    timers (1.1.0)
    tmuxinator (0.5.0)
    tzinfo (0.3.37)
    uuidtools (2.1.4)
    varia_model (0.1.0)
      buff-extensions (~> 0.1)
      hashie (>= 2.0.2)
    wasabi (1.0.0)
      nokogiri (>= 1.4.0)
    winrm (1.1.2)
      gssapi (~> 1.0.0)
      httpclient (~> 2.2.0.2)
      logging (~> 1.6.1)
      nokogiri (~> 1.5.0)
      rubyntlm (~> 0.1.1)
      savon (= 0.9.5)
      uuidtools (~> 2.1.2)
    yajl-ruby (1.1.0)

PLATFORMS
  ruby

DEPENDENCIES
  berkshelf
  compass
  jekyll
  knife-solo (>= 0.3.0pre3)
  pry
  rails_apps_composer
  rcodetools
  tmuxinator
