GEM
  remote: https://rubygems.org/
  specs:
    coderay (1.0.9)
    method_source (0.8.1)
    pry (0.9.12.2)
      coderay (~> 1.0.5)
      method_source (~> 0.8)
      slop (~> 3.4)
    rcodetools (0.8.5.0)
    slop (3.4.5)

PLATFORMS
  ruby

DEPENDENCIES
  pry
  rcodetools
